PATH
  remote: .
  specs:
    roaring (0.0.0)

GEM
  remote: https://rubygems.org/
  specs:
    rake (13.0.6)

PLATFORMS
  x86_64-linux

DEPENDENCIES
  rake (~> 13.0)
  roaring!

BUNDLED WITH
   2.3.4
